GEM
  remote: http://rubygems.org/
  specs:
    activemodel (3.0.0.rc)
      activesupport (= 3.0.0.rc)
      builder (~> 2.1.2)
      i18n (~> 0.4.1)
    activesupport (3.0.0.rc)
    bson (1.0.4)
    bson_ext (1.0.4)
    builder (2.1.2)
    diff-lcs (1.1.2)
    i18n (0.4.1)
    mocha (0.9.8)
      rake
    mongo (1.0.6)
      bson (>= 1.0.4)
    mongoid (2.0.0.beta.15)
      activemodel (= 3.0.0.rc)
      bson (= 1.0.4)
      mongo (= 1.0.6)
      tzinfo (= 0.3.22)
      will_paginate (~> 3.0.pre)
    mongoid_adjust (0.1.1)
      bson (>= 1.0.3)
      mongoid (>= 2.0.0.beta.14)
    rake (0.8.7)
    rspec (2.0.0.beta.19)
      rspec-core (= 2.0.0.beta.19)
      rspec-expectations (= 2.0.0.beta.19)
      rspec-mocks (= 2.0.0.beta.19)
    rspec-core (2.0.0.beta.19)
    rspec-expectations (2.0.0.beta.19)
      diff-lcs (>= 1.1.2)
    rspec-mocks (2.0.0.beta.19)
    tzinfo (0.3.22)
    will_paginate (3.0.pre2)

PLATFORMS
  ruby

DEPENDENCIES
  bson_ext (>= 1.0.1)
  mocha
  mongoid (>= 2.0.0.beta.14)
  mongoid_adjust (>= 0.1.1)
  rspec (>= 2.0.0.beta.15)
